PATH
  remote: .
  specs:
    step_rewrite (0.0.1)
      ParseTree (~> 3.0.6)
      ruby2ruby (~> 1.2.5)
      sexp_processor (~> 3.0.5)

GEM
  remote: http://rubygems.org/
  remote: http://gems.github.com/
  remote: http://gems.rubyforge.org/
  specs:
    ParseTree (3.0.6)
      RubyInline (>= 3.7.0)
      sexp_processor (>= 3.0.0)
    RubyInline (3.8.6)
      ZenTest (~> 4.3)
    ZenTest (4.4.0)
    diff-lcs (1.1.2)
    rspec (2.0.0)
      rspec-core (= 2.0.0)
      rspec-expectations (= 2.0.0)
      rspec-mocks (= 2.0.0)
    rspec-core (2.0.0)
    rspec-expectations (2.0.0)
      diff-lcs (>= 1.1.2)
    rspec-mocks (2.0.0)
      rspec-core (= 2.0.0)
      rspec-expectations (= 2.0.0)
    ruby2ruby (1.2.5)
      ruby_parser (~> 2.0)
      sexp_processor (~> 3.0)
    ruby_parser (2.0.5)
      sexp_processor (~> 3.0)
    sexp_processor (3.0.5)

PLATFORMS
  ruby

DEPENDENCIES
  ParseTree (~> 3.0.6)
  bundler (>= 1.0.0.rc.6)
  rspec (~> 2.0.0.beta.22)
  ruby2ruby (~> 1.2.5)
  sexp_processor (~> 3.0.5)
  step_rewrite!
